GEM
  remote: https://rubygems.org/
  specs:
    cli-kit (3.3.0)
      cli-ui (>= 1.1.4)
    cli-ui (1.5.1)
    mustache (1.1.1)

PLATFORMS
  ruby

DEPENDENCIES
  cli-kit (~> 3.1)
  cli-ui (~> 1.0)
  mustache (~> 1.0)

BUNDLED WITH
   1.17.2
